GEM
  remote: https://rubygems.org/
  specs:
    addressable (2.8.1)
      public_suffix (>= 2.0.2, < 6.0)
    arr-pm (0.0.12)
    aws-sdk (2.11.152)
      aws-sdk-resources (= 2.11.152)
    aws-sdk-core (2.11.152)
      aws-sigv4 (~> 1.0)
      jmespath (~> 1.0)
    aws-sdk-resources (2.11.152)
      aws-sdk-core (= 2.11.152)
    aws-sigv4 (1.0.3)
    backports (3.23.0)
    cabin (0.9.0)
    clamp (1.0.1)
    deb-s3 (0.10.0)
      aws-sdk (~> 2)
      thor (~> 0.19.0)
    dotenv (2.8.1)
    fpm (1.14.2)
      arr-pm (~> 0.0.11)
      backports (>= 2.6.2)
      cabin (>= 0.6.0)
      clamp (~> 1.0.0)
      git (>= 1.3.0, < 2.0)
      json (>= 1.7.7, < 3.0)
      pleaserun (~> 0.0.29)
      rexml
      stud
    git (1.12.0)
      addressable (~> 2.8)
      rchardet (~> 1.8)
    insist (1.0.0)
    jmespath (1.4.0)
    json (2.6.2)
    mustache (0.99.8)
    pleaserun (0.0.32)
      cabin (> 0)
      clamp
      dotenv
      insist
      mustache (= 0.99.8)
      stud
    public_suffix (5.0.0)
    rchardet (1.8.0)
    rexml (3.2.5)
    stud (0.0.23)
    thor (0.19.4)

PLATFORMS
  ruby

DEPENDENCIES
  deb-s3
  fpm

BUNDLED WITH
   1.17.3
